PATH
  remote: .
  specs:
    the_hash_whisperer (0.0.0)

GEM
  remote: https://rubygems.org/
  specs:
    json (2.6.2)
    minitest (5.16.3)
    rake (13.0.6)

PLATFORMS
  x86_64-darwin-20

DEPENDENCIES
  json
  minitest (>= 5)
  rake
  the_hash_whisperer!

BUNDLED WITH
   2.2.33
